PATH
  remote: .
  specs:
    rbtrace (0.3.13)
      ffi (>= 1.0.6)
      msgpack (>= 0.4.3)
      trollop (>= 1.16.2)

GEM
  remote: http://rubygems.org/
  specs:
    ffi (1.0.7)
      rake (>= 0.8.7)
    msgpack (0.4.4)
    rake (0.8.7)
    trollop (1.16.2)

PLATFORMS
  ruby

DEPENDENCIES
  rbtrace!
