PATH
  remote: .
  specs:
    rbtrace (0.2.3)
      ffi (>= 1.0.5)
      trollop (>= 1.16.2)

GEM
  remote: http://rubygems.org/
  specs:
    ffi (1.0.5)
      rake (>= 0.8.7)
    rake (0.8.7)
    trollop (1.16.2)

PLATFORMS
  ruby

DEPENDENCIES
  rbtrace!
