PATH
  remote: .
  specs:
    rbtrace (0.3.15)
      ffi (>= 1.0.6)
      msgpack (>= 0.4.3)
      trollop (>= 1.16.2)

GEM
  remote: http://rubygems.org/
  specs:
    ffi (1.0.11)
    msgpack (0.4.6)
    trollop (1.16.2)

PLATFORMS
  ruby

DEPENDENCIES
  rbtrace!
